GEM
  remote: https://rubygems.org/
  specs:
    activesupport (4.2.4)
      i18n (~> 0.7)
      json (~> 1.7, >= 1.7.7)
      minitest (~> 5.1)
      thread_safe (~> 0.3, >= 0.3.4)
      tzinfo (~> 1.1)
    event_emitter (0.2.5)
    eventmachine (1.0.8)
    i18n (0.7.0)
    json (1.8.3)
    minitest (5.8.2)
    thread_safe (0.3.5)
    tzinfo (1.2.2)
      thread_safe (~> 0.1)
    websocket (1.2.2)
    websocket-client-simple (0.2.3)
      event_emitter
      websocket

PLATFORMS
  ruby

DEPENDENCIES
  activesupport
  eventmachine
  websocket-client-simple

BUNDLED WITH
   1.10.6
